GEM
  remote: http://rubygems.org/
  specs:
    atomic (1.0.1)
    avl_tree (1.1.3)
    daemons (1.1.8)
    eventmachine (0.12.10)
    foreman (0.49.0)
      thor (>= 0.13.6)
    hitimes (1.1.1)
    metriks (0.9.9.1)
      atomic (~> 1.0)
      avl_tree (~> 1.1.2)
      hitimes (~> 1.1)
    metriks-middleware (1.1.0)
      metriks (~> 0.9.9)
    rack (1.4.1)
    thin (1.3.1)
      daemons (>= 1.0.9)
      eventmachine (>= 0.12.6)
      rack (>= 1.0.0)
    thor (0.15.4)

PLATFORMS
  ruby

DEPENDENCIES
  foreman
  metriks-middleware
  thin
