PATH
  remote: .
  specs:
    metriks-middleware (1.0.0)
      metriks (~> 0.9.9)

GEM
  remote: http://rubygems.org/
  specs:
    atomic (1.0.1)
    avl_tree (1.1.3)
    hitimes (1.1.1)
    metaclass (0.0.1)
    metriks (0.9.9)
      atomic (~> 1.0)
      avl_tree (~> 1.1.2)
      hitimes (~> 1.1)
    mocha (0.11.4)
      metaclass (~> 0.0.1)

PLATFORMS
  ruby

DEPENDENCIES
  metriks-middleware!
  mocha (~> 0.11.4)
